GEM
  remote: http://rubygems.org/
  specs:
    bson (1.8.5)
    bson_ext (1.8.5)
      bson (~> 1.8.5)
    daemons (1.1.9)
    eventmachine (1.0.3)
    mongo (1.8.5)
      bson (~> 1.8.5)
    mongodb (2.1.0)
      mongo (~> 1.5)
    rack (1.5.2)
    rack-protection (1.5.0)
      rack
    sinatra (1.4.2)
      rack (~> 1.5, >= 1.5.2)
      rack-protection (~> 1.4)
      tilt (~> 1.3, >= 1.3.4)
    thin (1.5.1)
      daemons (>= 1.0.9)
      eventmachine (>= 0.12.6)
      rack (>= 1.0.0)
    tilt (1.3.7)

PLATFORMS
  ruby

DEPENDENCIES
  bson_ext (~> 1.8.5)
  mongodb (~> 2.1.0)
  sinatra (~> 1.4.2)
  thin (~> 1.5.1)
